GEM
  remote: https://rubygems.org/
  specs:
    coderay (1.1.1)
    dat-tcp (0.8.2)
      dat-worker-pool (~> 0.6.3)
    dat-worker-pool (0.6.3)
      much-timeout (~> 0.1.0)
    method_source (0.8.2)
    much-timeout (0.1.1)
    pry (0.9.12.6)
      coderay (~> 1.0)
      method_source (~> 0.8)
      slop (~> 3.4)
    slop (3.6.0)

PLATFORMS
  ruby

DEPENDENCIES
  dat-tcp
  pry (~> 0.9.0)

BUNDLED WITH
   1.14.6
